GIT
  remote: git://github.com/bradphelan/jasminerice.git
  revision: d93a3b2ed8f9b74249e2f19d179b5b1f1963dfc3
  specs:
    jasminerice (0.1.0)
      coffee-rails

GIT
  remote: git://github.com/railstutorial/spork-rails.git
  revision: 5db525af2f917047057f546bc1ac2574d1c6b11e
  specs:
    spork-rails (3.2.1)
      spork (>= 1.0rc0)

GEM
  remote: http://ruby.taobao.org/
  specs:
    actionmailer (3.2.13)
      actionpack (= 3.2.13)
      mail (~> 2.5.3)
    actionpack (3.2.13)
      activemodel (= 3.2.13)
      activesupport (= 3.2.13)
      builder (~> 3.0.0)
      erubis (~> 2.7.0)
      journey (~> 1.0.4)
      rack (~> 1.4.5)
      rack-cache (~> 1.2)
      rack-test (~> 0.6.1)
      sprockets (~> 2.2.1)
    activemodel (3.2.13)
      activesupport (= 3.2.13)
      builder (~> 3.0.0)
    activerecord (3.2.13)
      activemodel (= 3.2.13)
      activesupport (= 3.2.13)
      arel (~> 3.0.2)
      tzinfo (~> 0.3.29)
    activeresource (3.2.13)
      activemodel (= 3.2.13)
      activesupport (= 3.2.13)
    activesupport (3.2.13)
      i18n (= 0.6.1)
      multi_json (~> 1.0)
    addressable (2.3.5)
    annotate (2.5.0)
      rake
    ansi (1.4.3)
    arel (3.0.2)
    arrayfields (4.7.4)
    awesome_print (1.1.0)
    bcrypt-ruby (3.0.1)
    bluff (0.1.0)
    bootstrap-sass (2.3.0.1)
      sass (~> 3.2)
    builder (3.0.4)
    byebug (1.4.1)
      columnize (~> 0.3.6)
      debugger-linecache (~> 1.2.0)
    cane (2.5.2)
      parallel
    capybara (1.1.2)
      mime-types (>= 1.16)
      nokogiri (>= 1.3.3)
      rack (>= 1.0.0)
      rack-test (>= 0.5.4)
      selenium-webdriver (~> 2.0)
      xpath (~> 0.1.4)
    childprocess (0.3.9)
      ffi (~> 1.0, >= 1.0.11)
    choice (0.1.6)
    chronic (0.9.1)
    churn (0.0.28)
      chronic (>= 0.2.3)
      hirb
      json_pure
      main
      ruby_parser (~> 3.0)
      sexp_processor (~> 4.1)
    code_analyzer (0.3.2)
      sexp_processor
    coderay (1.0.9)
    coffee-rails (3.2.2)
      coffee-script (>= 2.2.0)
      railties (~> 3.2.0)
    coffee-script (2.2.0)
      coffee-script-source
      execjs
    coffee-script-source (1.6.3)
    colored (1.2)
    columnize (0.3.6)
    css_parser (1.3.4)
      addressable
    daemons (1.1.9)
    database_cleaner (1.0.1)
    debugger-linecache (1.2.0)
    diff-lcs (1.2.4)
    email_preview (1.5.3)
      rails (>= 3.0)
    erubis (2.7.0)
    eventmachine (1.0.3)
    execjs (1.4.0)
      multi_json (~> 1.0)
    factory_girl (4.2.0)
      activesupport (>= 3.0.0)
    factory_girl_rails (4.2.1)
      factory_girl (~> 4.2.0)
      railties (>= 3.0.0)
    faker (1.1.2)
      i18n (~> 0.5)
    fattr (2.2.1)
    ffi (1.9.0)
    flay (2.0.1)
      ruby_parser (~> 3.0)
      sexp_processor (~> 4.0)
    flog (3.2.2)
      ruby_parser (~> 3.1, > 3.1.0)
      sexp_processor (~> 4.0)
    formatador (0.2.4)
    fuubar (1.1.1)
      rspec (~> 2.0)
      rspec-instafail (~> 0.2.0)
      ruby-progressbar (~> 1.0)
    growl (1.0.3)
    guard (1.8.1)
      formatador (>= 0.2.4)
      listen (>= 1.0.0)
      lumberjack (>= 1.0.2)
      pry (>= 0.9.10)
      thor (>= 0.14.6)
    guard-jasmine (1.17.0)
      childprocess
      guard (>= 1.1.0)
      multi_json
      thor
      tilt
    guard-rspec (2.5.0)
      guard (>= 1.1)
      rspec (~> 2.11)
    guard-spork (1.5.0)
      childprocess (>= 0.2.3)
      guard (>= 1.1)
      spork (>= 0.8.4)
    haml (4.0.3)
      tilt
    haml-rails (0.4)
      actionpack (>= 3.1, < 4.1)
      activesupport (>= 3.1, < 4.1)
      haml (>= 3.1, < 4.1)
      railties (>= 3.1, < 4.1)
    hashr (0.0.22)
    hike (1.2.3)
    hirb (0.7.1)
    i18n (0.6.1)
    jasmine-core (1.3.1)
    jasmine-rails (0.4.2)
      jasmine-core (~> 1.3)
      rails (>= 3.1.0)
    jbuilder (1.0.1)
      activesupport (>= 3.0.0)
    journey (1.0.4)
    jquery-rails (2.2.1)
      railties (>= 3.0, < 5.0)
      thor (>= 0.14, < 2.0)
    jquery-turbolinks (1.0.0)
      railties (>= 3.1.0)
      turbolinks
    json (1.8.0)
    json_pure (1.8.0)
    json_spec (1.0.0)
      multi_json (~> 1.0)
      rspec (~> 2.0)
    kaminari (0.14.1)
      actionpack (>= 3.0.0)
      activesupport (>= 3.0.0)
    kaminari-bootstrap (0.1.3)
      kaminari (>= 0.13.0)
      rails
    launchy (2.3.0)
      addressable (~> 2.3)
    libnotify (0.8.0)
      ffi (>= 1.0.11)
    listen (1.2.2)
      rb-fsevent (>= 0.9.3)
      rb-inotify (>= 0.9)
      rb-kqueue (>= 0.2)
    lumberjack (1.0.4)
    mail (2.5.4)
      mime-types (~> 1.16)
      treetop (~> 1.4.8)
    main (5.2.0)
      arrayfields (>= 4.7.4)
      chronic (>= 0.6.2)
      fattr (>= 2.2.0)
      map (>= 5.1.0)
    map (6.2.0)
    method_source (0.8.2)
    metric_fu (4.3.0)
      arrayfields (= 4.7.4)
      bluff
      cane (= 2.5.2)
      churn (= 0.0.28)
      coderay
      fattr (= 2.2.1)
      flay (= 2.0.1)
      flog (= 3.2.2)
      map (= 6.2.0)
      metric_fu-Saikuro (>= 1.1.1.0)
      metric_fu-roodi (>= 2.2.1)
      multi_json
      parallel (= 0.6.2)
      rails_best_practices (= 1.13.2)
      redcard
      reek (= 1.3.1)
      ruby2ruby (~> 2.0, >= 2.0.2)
      ruby_parser (~> 3.0, >= 3.1.1)
      sexp_processor (~> 4.0)
    metric_fu-Saikuro (1.1.1.0)
    metric_fu-roodi (2.2.1)
      ruby_parser
    mime-types (1.23)
    mini_portile (0.5.1)
    multi_json (1.7.7)
    nokogiri (1.6.0)
      mini_portile (~> 0.5.0)
    parallel (0.6.2)
    pg (0.16.0)
    polyglot (0.3.3)
    progressbar (0.20.0)
    pry (0.9.12.2)
      coderay (~> 1.0.5)
      method_source (~> 0.8)
      slop (~> 3.4)
    rack (1.4.5)
    rack-cache (1.2)
      rack (>= 0.4)
    rack-ssl (1.3.3)
      rack
    rack-test (0.6.2)
      rack (>= 1.0)
    rails (3.2.13)
      actionmailer (= 3.2.13)
      actionpack (= 3.2.13)
      activerecord (= 3.2.13)
      activeresource (= 3.2.13)
      activesupport (= 3.2.13)
      bundler (~> 1.0)
      railties (= 3.2.13)
    rails-erd (1.1.0)
      activerecord (>= 3.0)
      activesupport (>= 3.0)
      choice (~> 0.1.6)
      ruby-graphviz (~> 1.0.4)
    rails-i18n (0.6.3)
      i18n (~> 0.5)
    rails_best_practices (1.13.2)
      activesupport
      awesome_print
      code_analyzer
      colored
      erubis
      i18n
      progressbar
    railties (3.2.13)
      actionpack (= 3.2.13)
      activesupport (= 3.2.13)
      rack-ssl (~> 1.3.2)
      rake (>= 0.8.7)
      rdoc (~> 3.4)
      thor (>= 0.14.6, < 2.0)
    rake (10.1.0)
    rb-fsevent (0.9.3)
    rb-inotify (0.9.0)
      ffi (>= 0.5.0)
    rb-kqueue (0.2.0)
      ffi (>= 0.5.0)
    rdoc (3.12.2)
      json (~> 1.4)
    redcard (1.1.0)
    reek (1.3.1)
      ruby2ruby (~> 2.0.2)
      ruby_parser (~> 3.1.1)
      sexp_processor
    rest-client (1.6.7)
      mime-types (>= 1.16)
    roadie (2.4.1)
      actionmailer (> 3.0.0, < 5.0.0)
      css_parser (~> 1.3.4)
      nokogiri (> 1.5.0, < 1.7.0)
      sprockets
    rspec (2.13.0)
      rspec-core (~> 2.13.0)
      rspec-expectations (~> 2.13.0)
      rspec-mocks (~> 2.13.0)
    rspec-core (2.13.1)
    rspec-expectations (2.13.0)
      diff-lcs (>= 1.1.3, < 2.0)
    rspec-instafail (0.2.4)
    rspec-mocks (2.13.1)
    rspec-rails (2.13.1)
      actionpack (>= 3.0)
      activesupport (>= 3.0)
      railties (>= 3.0)
      rspec-core (~> 2.13.0)
      rspec-expectations (~> 2.13.0)
      rspec-mocks (~> 2.13.0)
    ruby-graphviz (1.0.9)
    ruby-progressbar (1.1.1)
    ruby2ruby (2.0.6)
      ruby_parser (~> 3.1)
      sexp_processor (~> 4.0)
    ruby_parser (3.1.3)
      sexp_processor (~> 4.1)
    rubyzip (0.9.9)
    sass (3.2.10)
    sass-rails (3.2.6)
      railties (~> 3.2.0)
      sass (>= 3.1.10)
      tilt (~> 1.3)
    selenium-webdriver (2.33.0)
      childprocess (>= 0.2.5)
      multi_json (~> 1.0)
      rubyzip
      websocket (~> 1.0.4)
    sexp_processor (4.2.1)
    should_not (1.0.0)
    simplecov (0.7.1)
      multi_json (~> 1.0)
      simplecov-html (~> 0.7.1)
    simplecov-html (0.7.1)
    simplecov-rcov-text (0.0.2)
    slop (3.4.6)
    spork (1.0.0rc3)
    sprockets (2.2.2)
      hike (~> 1.2)
      multi_json (~> 1.0)
      rack (~> 1.0)
      tilt (~> 1.1, != 1.3.0)
    sqlite3 (1.3.7)
    thin (1.3.1)
      daemons (>= 1.0.9)
      eventmachine (>= 0.12.6)
      rack (>= 1.0.0)
    thor (0.18.1)
    tilt (1.4.1)
    tire (0.6.0)
      activemodel (>= 3.0)
      activesupport
      ansi
      hashr (~> 0.0.19)
      multi_json (~> 1.3)
      rake
      rest-client (~> 1.6)
    tire-contrib (0.1.3)
      tire
    treetop (1.4.14)
      polyglot
      polyglot (>= 0.3.1)
    turbolinks (1.0.0)
      coffee-rails
    tzinfo (0.3.37)
    uglifier (2.1.1)
      execjs (>= 0.3.0)
      multi_json (~> 1.0, >= 1.0.2)
    websocket (1.0.7)
    xpath (0.1.4)
      nokogiri (~> 1.3)

PLATFORMS
  ruby

DEPENDENCIES
  annotate (= 2.5.0)
  bcrypt-ruby (= 3.0.1)
  bootstrap-sass (= 2.3.0.1)
  byebug (= 1.4.1)
  capybara (= 1.1.2)
  coffee-rails (= 3.2.2)
  database_cleaner (~> 1.0.1)
  email_preview (= 1.5.3)
  factory_girl_rails (~> 4.0)
  faker (= 1.1.2)
  fuubar (= 1.1.1)
  growl (= 1.0.3)
  guard-jasmine (= 1.17.0)
  guard-rspec (= 2.5.0)
  guard-spork (= 1.5.0)
  haml-rails (= 0.4)
  jasmine-rails (= 0.4.2)
  jasminerice!
  jbuilder (= 1.0.1)
  jquery-rails (= 2.2.1)
  jquery-turbolinks (= 1.0.0)
  json_spec (= 1.0.0)
  kaminari (= 0.14.1)
  kaminari-bootstrap (= 0.1.3)
  launchy (= 2.3.0)
  libnotify (= 0.8.0)
  metric_fu
  pg
  rails (= 3.2.13)
  rails-erd (= 1.1.0)
  rails-i18n (= 0.6.3)
  rb-fsevent (~> 0.9)
  rb-inotify (= 0.9.0)
  roadie (= 2.4.1)
  rspec-rails (= 2.13.1)
  sass-rails (= 3.2.6)
  should_not (= 1.0.0)
  simplecov
  simplecov-rcov-text
  spork-rails!
  sqlite3 (= 1.3.7)
  thin (= 1.3.1)
  tire (= 0.6.0)
  tire-contrib (= 0.1.3)
  turbolinks (= 1.0.0)
  uglifier (= 2.1.1)
