GIT
  remote: git://github.com/railstutorial/spork-rails.git
  revision: 5db525af2f917047057f546bc1ac2574d1c6b11e
  specs:
    spork-rails (3.2.1)
      spork (>= 1.0rc0)

GEM
  remote: http://ruby.taobao.org/
  specs:
    actionmailer (3.2.13)
      actionpack (= 3.2.13)
      mail (~> 2.5.3)
    actionpack (3.2.13)
      activemodel (= 3.2.13)
      activesupport (= 3.2.13)
      builder (~> 3.0.0)
      erubis (~> 2.7.0)
      journey (~> 1.0.4)
      rack (~> 1.4.5)
      rack-cache (~> 1.2)
      rack-test (~> 0.6.1)
      sprockets (~> 2.2.1)
    activemodel (3.2.13)
      activesupport (= 3.2.13)
      builder (~> 3.0.0)
    activerecord (3.2.13)
      activemodel (= 3.2.13)
      activesupport (= 3.2.13)
      arel (~> 3.0.2)
      tzinfo (~> 0.3.29)
    activerecord-jdbc-adapter (1.2.9)
    activerecord-jdbcsqlite3-adapter (1.2.9)
      activerecord-jdbc-adapter (~> 1.2.9)
      jdbc-sqlite3 (~> 3.7.2)
    activeresource (3.2.13)
      activemodel (= 3.2.13)
      activesupport (= 3.2.13)
    activesupport (3.2.13)
      i18n (= 0.6.1)
      multi_json (~> 1.0)
    addressable (2.3.4)
    annotate (2.5.0)
      rake
    arel (3.0.2)
    bcrypt-ruby (3.0.1)
    bcrypt-ruby (3.0.1-java)
    bootstrap-sass (2.3.0.1)
      sass (~> 3.2)
    bootstrap-will_paginate (0.0.9)
      will_paginate
    bouncy-castle-java (1.5.0147)
    builder (3.0.4)
    byebug (1.4.1)
      columnize (~> 0.3.6)
      debugger-linecache (~> 1.2.0)
    capybara (1.1.2)
      mime-types (>= 1.16)
      nokogiri (>= 1.3.3)
      rack (>= 1.0.0)
      rack-test (>= 0.5.4)
      selenium-webdriver (~> 2.0)
      xpath (~> 0.1.4)
    childprocess (0.3.9)
      ffi (~> 1.0, >= 1.0.11)
    choice (0.1.6)
    coderay (1.0.9)
    coffee-rails (3.2.2)
      coffee-script (>= 2.2.0)
      railties (~> 3.2.0)
    coffee-script (2.2.0)
      coffee-script-source
      execjs
    coffee-script-source (1.6.2)
    columnize (0.3.6)
    daemons (1.1.9)
    database_cleaner (0.7.2)
    debugger-linecache (1.2.0)
    diff-lcs (1.2.4)
    email_preview (1.5.3)
      rails (>= 3.0)
    erubis (2.7.0)
    eventmachine (1.0.3)
    excon (0.22.1)
    execjs (1.4.0)
      multi_json (~> 1.0)
    factory_girl (4.2.0)
      activesupport (>= 3.0.0)
    factory_girl_rails (4.2.0)
      factory_girl (~> 4.2.0)
      railties (>= 3.0.0)
    faker (1.1.2)
      i18n (~> 0.5)
    ffi (1.8.1)
    ffi (1.8.1-java)
    formatador (0.2.4)
    growl (1.0.3)
    guard (1.7.0)
      formatador (>= 0.2.4)
      listen (>= 0.6.0)
      lumberjack (>= 1.0.2)
      pry (>= 0.9.10)
      thor (>= 0.14.6)
    guard-jasmine-headless-webkit (0.3.2)
      guard (>= 0.4.0)
      jasmine-headless-webkit (>= 0.7.0)
    guard-rspec (2.5.0)
      guard (>= 1.1)
      rspec (~> 2.11)
    guard-spork (1.5.0)
      childprocess (>= 0.2.3)
      guard (>= 1.1)
      spork (>= 0.8.4)
    haml (4.0.2)
      tilt
    haml-rails (0.4)
      actionpack (>= 3.1, < 4.1)
      activesupport (>= 3.1, < 4.1)
      haml (>= 3.1, < 4.1)
      railties (>= 3.1, < 4.1)
    heroku (2.39.3)
      heroku-api (~> 0.3.7)
      launchy (>= 0.3.2)
      netrc (~> 0.7.7)
      rest-client (~> 1.6.1)
      rubyzip
    heroku-api (0.3.11)
      excon (~> 0.22.1)
    hike (1.2.2)
    i18n (0.6.1)
    jasmine-core (1.3.1)
    jasmine-headless-webkit (0.8.4)
      coffee-script
      jasmine-core (~> 1.1)
      multi_json
      rainbow
      sprockets (~> 2)
    jbuilder (1.0.1)
      activesupport (>= 3.0.0)
    jdbc-sqlite3 (3.7.2.1)
    journey (1.0.4)
    jquery-rails (2.2.1)
      railties (>= 3.0, < 5.0)
      thor (>= 0.14, < 2.0)
    jquery-turbolinks (1.0.0)
      railties (>= 3.1.0)
      turbolinks
    jruby-openssl (0.8.8)
      bouncy-castle-java (>= 1.5.0147)
    json (1.8.0)
    json (1.8.0-java)
    json_spec (1.0.0)
      multi_json (~> 1.0)
      rspec (~> 2.0)
    launchy (2.3.0)
      addressable (~> 2.3)
    libnotify (0.8.0)
      ffi (>= 1.0.11)
    listen (0.7.3)
    lumberjack (1.0.3)
    mail (2.5.4)
      mime-types (~> 1.16)
      treetop (~> 1.4.8)
    method_source (0.8.1)
    mime-types (1.23)
    multi_json (1.7.3)
    netrc (0.7.7)
    nokogiri (1.5.9)
    nokogiri (1.5.9-java)
    pg (0.15.1)
    polyglot (0.3.3)
    pry (0.9.12.2)
      coderay (~> 1.0.5)
      method_source (~> 0.8)
      slop (~> 3.4)
    pry (0.9.12.2-java)
      coderay (~> 1.0.5)
      method_source (~> 0.8)
      slop (~> 3.4)
      spoon (~> 0.0)
    puma (2.1.1-java)
      rack (>= 1.1, < 2.0)
    rack (1.4.5)
    rack-cache (1.2)
      rack (>= 0.4)
    rack-ssl (1.3.3)
      rack
    rack-test (0.6.2)
      rack (>= 1.0)
    rails (3.2.13)
      actionmailer (= 3.2.13)
      actionpack (= 3.2.13)
      activerecord (= 3.2.13)
      activeresource (= 3.2.13)
      activesupport (= 3.2.13)
      bundler (~> 1.0)
      railties (= 3.2.13)
    rails-erd (1.1.0)
      activerecord (>= 3.0)
      activesupport (>= 3.0)
      choice (~> 0.1.6)
      ruby-graphviz (~> 1.0.4)
    rails-i18n (0.6.3)
      i18n (~> 0.5)
    railties (3.2.13)
      actionpack (= 3.2.13)
      activesupport (= 3.2.13)
      rack-ssl (~> 1.3.2)
      rake (>= 0.8.7)
      rdoc (~> 3.4)
      thor (>= 0.14.6, < 2.0)
    rainbow (1.1.4)
    rake (10.0.4)
    rb-fsevent (0.9.3)
    rb-inotify (0.9.0)
      ffi (>= 0.5.0)
    rdoc (3.12.2)
      json (~> 1.4)
    rest-client (1.6.7)
      mime-types (>= 1.16)
    rspec (2.13.0)
      rspec-core (~> 2.13.0)
      rspec-expectations (~> 2.13.0)
      rspec-mocks (~> 2.13.0)
    rspec-core (2.13.1)
    rspec-expectations (2.13.0)
      diff-lcs (>= 1.1.3, < 2.0)
    rspec-mocks (2.13.1)
    rspec-rails (2.13.1)
      actionpack (>= 3.0)
      activesupport (>= 3.0)
      railties (>= 3.0)
      rspec-core (~> 2.13.0)
      rspec-expectations (~> 2.13.0)
      rspec-mocks (~> 2.13.0)
    ruby-graphviz (1.0.9)
    rubyzip (0.9.9)
    sass (3.2.9)
    sass-rails (3.2.6)
      railties (~> 3.2.0)
      sass (>= 3.1.10)
      tilt (~> 1.3)
    selenium-webdriver (2.32.1)
      childprocess (>= 0.2.5)
      multi_json (~> 1.0)
      rubyzip
      websocket (~> 1.0.4)
    simplecov (0.7.1)
      multi_json (~> 1.0)
      simplecov-html (~> 0.7.1)
    simplecov-html (0.7.1)
    slop (3.4.5)
    spoon (0.0.4)
      ffi
    spork (1.0.0rc3)
    sprockets (2.2.2)
      hike (~> 1.2)
      multi_json (~> 1.0)
      rack (~> 1.0)
      tilt (~> 1.1, != 1.3.0)
    sqlite3 (1.3.7)
    thin (1.3.1)
      daemons (>= 1.0.9)
      eventmachine (>= 0.12.6)
      rack (>= 1.0.0)
    thor (0.18.1)
    tilt (1.4.1)
    treetop (1.4.12)
      polyglot
      polyglot (>= 0.3.1)
    turbolinks (1.0.0)
      coffee-rails
    tzinfo (0.3.37)
    uglifier (2.1.1)
      execjs (>= 0.3.0)
      multi_json (~> 1.0, >= 1.0.2)
    websocket (1.0.7)
    will-paginate-i18n (0.1.1)
    will_paginate (3.0.4)
    xpath (0.1.4)
      nokogiri (~> 1.3)

PLATFORMS
  java
  ruby

DEPENDENCIES
  activerecord-jdbcsqlite3-adapter (= 1.2.9)
  annotate (= 2.5.0)
  bcrypt-ruby (= 3.0.1)
  bootstrap-sass (= 2.3.0.1)
  bootstrap-will_paginate (= 0.0.9)
  byebug (= 1.4.1)
  capybara (= 1.1.2)
  coffee-rails (= 3.2.2)
  database_cleaner (~> 0.7.2)
  email_preview (= 1.5.3)
  factory_girl_rails (~> 4.0)
  faker (= 1.1.2)
  growl (= 1.0.3)
  guard-jasmine-headless-webkit
  guard-rspec (= 2.5.0)
  guard-spork (= 1.5.0)
  haml-rails (= 0.4)
  heroku
  jbuilder (= 1.0.1)
  jquery-rails (= 2.2.1)
  jquery-turbolinks (= 1.0.0)
  jruby-openssl (= 0.8.8)
  json_spec (= 1.0.0)
  libnotify (= 0.8.0)
  pg
  puma (= 2.1.1)
  rails (= 3.2.13)
  rails-erd (= 1.1.0)
  rails-i18n (= 0.6.3)
  rb-fsevent (~> 0.9)
  rb-inotify (= 0.9.0)
  rspec-rails (= 2.13.1)
  sass-rails (= 3.2.6)
  simplecov
  spork-rails!
  sqlite3 (= 1.3.7)
  thin (= 1.3.1)
  turbolinks (= 1.0.0)
  uglifier (= 2.1.1)
  will-paginate-i18n (= 0.1.1)
  will_paginate (= 3.0.4)
